GIT
  remote: git://github.com/sinatra/sinatra.git
  revision: 8fdd35c731ec6915bae393c6383b2357450665f0
  specs:
    rack-protection (2.0.0.rc2)
      rack
    sinatra (2.0.0.rc2)
      mustermann (~> 1.0)
      rack (~> 2.0)
      rack-protection (= 2.0.0.rc2)
      tilt (~> 2.0)

GEM
  remote: https://rubygems.org/
  specs:
    adal (1.0.0)
      jwt (~> 1.5)
      nokogiri (~> 1.6)
      uri_template (~> 0.7)
    coderay (1.1.1)
    jwt (1.5.6)
    method_source (0.8.2)
    mini_portile2 (2.1.0)
    mustermann (1.0.0)
    nokogiri (1.7.1)
      mini_portile2 (~> 2.1.0)
    pry (0.10.4)
      coderay (~> 1.1.0)
      method_source (~> 0.8.1)
      slop (~> 3.4)
    rack (2.0.1)
    slop (3.6.0)
    tilt (2.0.7)
    uri_template (0.7.0)

PLATFORMS
  ruby

DEPENDENCIES
  adal (~> 1.0)
  pry (~> 0.10.4)
  rack
  sinatra!

RUBY VERSION
   ruby 2.3.3p222

BUNDLED WITH
   1.14.6
