GIT
  remote: git://github.com/sinatra/sinatra.git
  revision: 8fdd35c731ec6915bae393c6383b2357450665f0
  specs:
    rack-protection (2.0.0.rc2)
      rack
    sinatra (2.0.0.rc2)
      mustermann (~> 1.0)
      rack (~> 2.0)
      rack-protection (= 2.0.0.rc2)
      tilt (~> 2.0)

GEM
  remote: https://rubygems.org/
  specs:
    mustermann (1.0.0)
    rack (2.0.1)
    tilt (2.0.7)

PLATFORMS
  ruby

DEPENDENCIES
  sinatra!

RUBY VERSION
   ruby 2.3.3p222

BUNDLED WITH
   1.14.6
